GEM
  remote: https://rubygems.org/
  specs:
    bigdecimal (3.3.1)
    csv (3.3.5)
    httparty (0.23.2)
      csv
      mini_mime (>= 1.0.0)
      multi_xml (>= 0.5.2)
    mini_mime (1.1.5)
    minitest (5.26.0)
    multi_xml (0.7.2)
      bigdecimal (~> 3.1)

PLATFORMS
  arm64-darwin-24
  ruby

DEPENDENCIES
  httparty
  minitest

RUBY VERSION
   ruby 3.3.4p94

BUNDLED WITH
   2.5.23
